GEM
  remote: https://rubygems.org/
  specs:
    activesupport (7.0.4.1)
      concurrent-ruby (~> 1.0, >= 1.0.2)
      i18n (>= 1.6, < 2)
      minitest (>= 5.1)
      tzinfo (~> 2.0)
    concurrent-ruby (1.1.10)
    i18n (1.12.0)
      concurrent-ruby (~> 1.0)
    jira-ruby (1.6.0)
      activesupport
      multipart-post
      oauth (~> 0.5, >= 0.5.0)
    minitest (5.17.0)
    multipart-post (2.1.1)
    oauth (0.5.4)
    tzinfo (2.0.5)
      concurrent-ruby (~> 1.0)

PLATFORMS
  ruby

DEPENDENCIES
  jira-ruby (~> 1.6)

BUNDLED WITH
   2.0.1
